ObjectType = Image
NDims = 3
BinaryData = True
BinaryDataByteOrderMSB = False
CompressedData = True
CompressedDataSize = 11821094
TransformMatrix = 1 0 0 0 1 0 0 0 1
Offset = 0 0 0
CenterOfRotation = 0 0 0
ElementSpacing = 0.9375 0.9375 1.00312
DimSize = 256 256 161
AnatomicalOrientation = ???
ElementType = MET_USHORT
ElementDataFile = PlasticSkull.zraw
